GEM
  remote: https://rubygems.org/
  specs:
    dotenv (2.1.1)
    ffi (1.13.0)
    foreman (0.83.0)
      thor (~> 0.19.1)
    listen (3.1.5)
      rb-fsevent (~> 0.9, >= 0.9.4)
      rb-inotify (~> 0.9, >= 0.9.7)
      ruby_dep (~> 1.2)
    mustermann (1.1.1)
      ruby2_keywords (~> 0.0.1)
    nio4r (2.5.2)
    pg (0.19.0)
    puma (4.3.5)
      nio4r (~> 2.0)
    rack (2.2.2)
    rack-protection (2.0.8.1)
      rack
    rake (12.3.3)
    rb-fsevent (0.9.8)
    rb-inotify (0.9.7)
      ffi (>= 0.5.0)
    rerun (0.11.0)
      listen (~> 3.0)
    ruby2_keywords (0.0.2)
    ruby_dep (1.4.0)
    sequel (4.42.1)
    sequel_pg (1.6.17)
      pg (>= 0.8.0)
      sequel (>= 4.0.0)
    sinatra (2.0.8.1)
      mustermann (~> 1.0)
      rack (~> 2.0)
      rack-protection (= 2.0.8.1)
      tilt (~> 2.0)
    thor (0.19.4)
    thread_safe (0.3.5)
    tilt (2.0.10)
    tzinfo (1.2.2)
      thread_safe (~> 0.1)

PLATFORMS
  ruby

DEPENDENCIES
  dotenv
  foreman
  pg
  puma
  rake
  rerun
  sequel
  sequel_pg
  sinatra
  tzinfo

RUBY VERSION
   ruby 2.6.6p146

BUNDLED WITH
   1.17.3
